GEM
  remote: http://rubygems.org/
  specs:
    erubis (2.7.0)
    ethon (0.5.7)
      ffi (~> 1.2.0)
      mime-types (~> 1.18)
    ffi (1.2.0)
    mime-types (1.19)
    multi_json (1.4.0)
    oj (1.4.6)
    rack (1.4.1)
    rack-protection (1.2.0)
      rack
    sinatra (1.3.3)
      rack (~> 1.3, >= 1.3.6)
      rack-protection (~> 1.2)
      tilt (~> 1.3, >= 1.3.3)
    tilt (1.3.3)
    typhoeus (0.5.3)
      ethon (~> 0.5.3)

PLATFORMS
  ruby

DEPENDENCIES
  erubis
  multi_json
  oj
  sinatra
  typhoeus
